PATH
  remote: .
  specs:
    dio (0.0.1)
      awesome_print
      rack
      thin

GEM
  remote: https://rubygems.org/
  specs:
    awesome_print (1.0.2)
    daemons (1.1.6)
    eventmachine (0.12.10)
    quickie (0.3.0)
    rack (1.4.1)
    thin (1.3.1)
      daemons (>= 1.0.9)
      eventmachine (>= 0.12.6)
      rack (>= 1.0.0)

PLATFORMS
  ruby

DEPENDENCIES
  dio!
  quickie
