PATH
  remote: .
  specs:
    dio (0.0.1)
      awesome_print
      rack
      thin
      tilt

GEM
  remote: https://rubygems.org/
  specs:
    awesome_print (1.0.2)
    coderay (0.9.8)
    daemons (1.1.7)
    eventmachine (0.12.10)
    method_source (0.6.0)
      ruby_parser (>= 2.0.5)
    pry (0.9.2)
      coderay (>= 0.9.8)
      method_source (>= 0.6.0)
      ruby_parser (>= 2.0.5)
      slop (~> 1.9.0)
    quickie (0.3.0)
    rack (1.4.1)
    ruby_parser (2.0.6)
      sexp_processor (~> 3.0)
    sexp_processor (3.0.5)
    slop (1.9.1)
    thin (1.3.1)
      daemons (>= 1.0.9)
      eventmachine (>= 0.12.6)
      rack (>= 1.0.0)
    tilt (1.3.3)

PLATFORMS
  ruby

DEPENDENCIES
  dio!
  pry
  quickie
